PATH
  remote: .
  specs:
    relaxed_cookiejar (0.1.1)
      cookiejar (>= 0.3.3)

GEM
  remote: https://rubygems.org/
  specs:
    coderay (1.1.3)
    cookiejar (0.3.4)
    diff-lcs (1.5.1)
    docile (1.4.0)
    method_source (1.1.0)
    pry (0.14.2)
      coderay (~> 1.1)
      method_source (~> 1.0)
    rake (10.5.0)
    rspec (3.13.0)
      rspec-core (~> 3.13.0)
      rspec-expectations (~> 3.13.0)
      rspec-mocks (~> 3.13.0)
    rspec-collection_matchers (1.2.1)
      rspec-expectations (>= 2.99.0.beta1)
    rspec-core (3.13.0)
      rspec-support (~> 3.13.0)
    rspec-expectations (3.13.0)
      diff-lcs (>= 1.2.0, < 2.0)
      rspec-support (~> 3.13.0)
    rspec-mocks (3.13.1)
      diff-lcs (>= 1.2.0, < 2.0)
      rspec-support (~> 3.13.0)
    rspec-support (3.13.1)
    simplecov (0.22.0)
      docile (~> 1.1)
      simplecov-html (~> 0.11)
      simplecov_json_formatter (~> 0.1)
    simplecov-html (0.12.3)
    simplecov_json_formatter (0.1.4)

PLATFORMS
  ruby
  x86_64-linux

DEPENDENCIES
  pry (~> 0.11)
  rake (~> 10.0)
  relaxed_cookiejar!
  rspec (~> 3.0)
  rspec-collection_matchers (~> 1.0)
  simplecov (~> 0.15)

BUNDLED WITH
   2.5.6
